PATH
  remote: .
  specs:
    machine-check (0.1.0)
      prometheus-client (~> 2.1.0)
      require_all (~> 2.0.0)

GEM
  remote: https://rubygems.org/
  specs:
    prometheus-client (2.1.0)
    rake (13.0.3)
    require_all (2.0.0)

PLATFORMS
  x86_64-linux

DEPENDENCIES
  machine-check!
  rake

BUNDLED WITH
   2.2.20
